GEM
  remote: http://rubygems.org/
  specs:
    bluecloth (2.2.0)
    rake (0.9.2.2)

PLATFORMS
  ruby

DEPENDENCIES
  bluecloth
  rake
