GEM
  remote: http://rubygems.org/
  specs:
    bluecloth (2.2.0)
    rake (12.3.3)

PLATFORMS
  ruby

DEPENDENCIES
  bluecloth
  rake
